PATH
  remote: .
  specs:
    best_friend (0.1.1)

GEM
  remote: https://rubygems.org/
  specs:
    artii (2.1.2)
    async (1.24.2)
      console (~> 1.0)
      nio4r (~> 2.3)
      timers (~> 4.1)
    coderay (1.1.2)
    console (1.8.1)
    diff-lcs (1.3)
    equatable (0.6.1)
    method_source (0.9.2)
    mini_portile2 (2.4.0)
    necromancer (0.5.1)
    nio4r (2.5.2)
    nokogiri (1.10.8)
      mini_portile2 (~> 2.4.0)
    pastel (0.7.3)
      equatable (~> 0.6)
      tty-color (~> 0.5)
    pry (0.12.2)
      coderay (~> 1.1.0)
      method_source (~> 0.9.0)
    rake (12.3.2)
    rspec (3.9.0)
      rspec-core (~> 3.9.0)
      rspec-expectations (~> 3.9.0)
      rspec-mocks (~> 3.9.0)
    rspec-core (3.9.1)
      rspec-support (~> 3.9.1)
    rspec-expectations (3.9.0)
      diff-lcs (>= 1.2.0, < 2.0)
      rspec-support (~> 3.9.0)
    rspec-mocks (3.9.1)
      diff-lcs (>= 1.2.0, < 2.0)
      rspec-support (~> 3.9.0)
    rspec-support (3.9.2)
    terminal-table (1.8.0)
      unicode-display_width (~> 1.1, >= 1.1.1)
    timers (4.3.0)
    tty-color (0.5.1)
    tty-cursor (0.7.1)
    tty-prompt (0.20.0)
      necromancer (~> 0.5.0)
      pastel (~> 0.7.0)
      tty-reader (~> 0.7.0)
    tty-reader (0.7.0)
      tty-cursor (~> 0.7)
      tty-screen (~> 0.7)
      wisper (~> 2.0.0)
    tty-screen (0.7.1)
    unicode-display_width (1.6.1)
    wisper (2.0.1)

PLATFORMS
  ruby

DEPENDENCIES
  artii
  async
  best_friend!
  nokogiri
  pastel
  pry
  rake (~> 12.0)
  rspec (~> 3.0)
  terminal-table
  tty-prompt

BUNDLED WITH
   2.1.4
